GIT
  remote: https://github.com/steved555/multipart-post.git
  revision: 57c66998c05143a684c13694937c8adfd335cae1
  specs:
    multipart-post (1.1.5)

PATH
  remote: .
  specs:
    zendesk_api (1.0.7)
      faraday (>= 0.8.0)
      faraday_middleware (>= 0.8.7)
      hashie (>= 1.2)
      inflection
      mime-types
      multi_json
      multipart-post

GEM
  remote: https://rubygems.org/
  specs:
    activemodel (3.2.13)
      activesupport (= 3.2.13)
      builder (~> 3.0.0)
    activesupport (3.2.13)
      i18n (= 0.6.1)
      multi_json (~> 1.0)
    addressable (2.3.4)
    backports (3.3.2)
    bond (0.4.3)
    bond (0.4.3-java)
    bootstrap-sass (2.3.2.0)
      sass (~> 3.2)
    bouncy-castle-java (1.5.0147)
    builder (3.0.4)
    bump (0.4.2)
    chunky_png (1.2.8)
    coderay (1.0.9)
    coderay_bash (1.0.5)
      coderay (>= 1.0)
    compass (0.12.2)
      chunky_png (~> 1.2)
      fssm (>= 0.2.7)
      sass (~> 3.1)
    crack (0.4.0)
      safe_yaml (~> 0.9.0)
    daemons (1.1.9)
    database_cleaner (1.0.1)
    diff-lcs (1.2.4)
    eventmachine (1.0.3)
    eventmachine (1.0.3-java)
    faraday (0.8.7)
      multipart-post (~> 1.1)
    faraday_middleware (0.9.0)
      faraday (>= 0.7.4, < 0.9)
    fssm (0.2.10)
    haml (4.0.3)
      tilt
    hashie (2.0.5)
    i18n (0.6.1)
    inflection (1.0.0)
    jruby-openssl (0.8.8)
      bouncy-castle-java (>= 1.5.0147)
    json (1.8.0)
    mime-types (1.25)
    mongoid (3.1.4)
      activemodel (~> 3.2)
      moped (~> 1.4)
      origin (~> 1.0)
      tzinfo (~> 0.3.22)
    moped (1.5.0)
    multi_json (1.7.7)
    newrelic_rpm (3.6.4.122)
    origin (1.1.0)
    rack (1.5.2)
    rack-protection (1.5.0)
      rack
    rack-ssl-enforcer (0.2.5)
    rack-test (0.6.2)
      rack (>= 1.0)
    rake (10.1.0)
    redcarpet (2.3.0)
    ripl (0.7.0)
      bond (~> 0.4.2)
    rspec (2.13.0)
      rspec-core (~> 2.13.0)
      rspec-expectations (~> 2.13.0)
      rspec-mocks (~> 2.13.0)
    rspec-core (2.13.1)
    rspec-expectations (2.13.0)
      diff-lcs (>= 1.1.3, < 2.0)
    rspec-mocks (2.13.1)
    safe_yaml (0.9.3)
    sass (3.2.9)
    simplecov (0.7.1)
      multi_json (~> 1.0)
      simplecov-html (~> 0.7.1)
    simplecov-html (0.7.1)
    sinatra (1.4.3)
      rack (~> 1.4)
      rack-protection (~> 1.4)
      tilt (~> 1.3, >= 1.3.4)
    sinatra-contrib (1.4.0)
      backports (>= 2.0)
      eventmachine
      rack-protection
      rack-test
      sinatra (~> 1.4.2)
      tilt (~> 1.3)
    thin (1.5.1)
      daemons (>= 1.0.9)
      eventmachine (>= 0.12.6)
      rack (>= 1.0.0)
    tilt (1.4.1)
    tzinfo (0.3.37)
    vcr (2.5.0)
    webmock (1.9.3)
      addressable (>= 2.2.7)
      crack (>= 0.3.2)
    yard (0.8.6.1)

PLATFORMS
  java
  ruby

DEPENDENCIES
  bootstrap-sass
  bump
  coderay
  coderay_bash
  compass
  database_cleaner
  haml
  jruby-openssl
  json
  mongoid
  multipart-post!
  newrelic_rpm
  rack-ssl-enforcer
  rake
  redcarpet
  ripl
  rspec
  simplecov
  sinatra
  sinatra-contrib
  thin
  vcr
  webmock (~> 1.9.0)
  yard
  zendesk_api!
