GIT
  remote: git://github.com/intridea/hashie.git
  revision: f7adbf6b6e29bfcd3efbc33695fe0e018d62e66e
  specs:
    hashie (2.0.0.beta)

GIT
  remote: git://github.com/steved555/multipart-post.git
  revision: 57c66998c05143a684c13694937c8adfd335cae1
  specs:
    multipart-post (1.1.5)

PATH
  remote: .
  specs:
    zendesk_api (0.2.2)
      faraday (>= 0.8.0)
      faraday_middleware (>= 0.8.7)
      hashie
      inflection
      json
      mime-types
      multipart-post

GEM
  remote: https://rubygems.org/
  specs:
    activemodel (3.2.8)
      activesupport (= 3.2.8)
      builder (~> 3.0.0)
    activesupport (3.2.8)
      i18n (~> 0.6)
      multi_json (~> 1.0)
    addressable (2.3.2)
    backports (2.6.5)
    bond (0.4.2)
    bootstrap-sass (2.1.1.0)
    builder (3.0.4)
    bump (0.3.5)
    chunky_png (1.2.6)
    coderay (1.0.8)
    coderay_bash (1.0.4)
      coderay (>= 1.0)
    compass (0.12.2)
      chunky_png (~> 1.2)
      fssm (>= 0.2.7)
      sass (~> 3.1)
    crack (0.3.1)
    database_cleaner (0.9.1)
    diff-lcs (1.1.3)
    eventmachine (1.0.0)
    faraday (0.8.4)
      multipart-post (~> 1.1)
    faraday_middleware (0.9.0)
      faraday (>= 0.7.4, < 0.9)
    fssm (0.2.9)
    haml (3.1.7)
    i18n (0.6.1)
    inflection (1.0.0)
    json (1.7.5)
    mime-types (1.19)
    mongoid (3.0.11)
      activemodel (~> 3.1)
      moped (~> 1.1)
      origin (~> 1.0)
      tzinfo (~> 0.3.22)
    moped (1.2.8)
    multi_json (1.3.7)
    origin (1.0.10)
    rack (1.4.1)
    rack-protection (1.2.0)
      rack
    rack-ssl-enforcer (0.2.4)
    rack-test (0.6.2)
      rack (>= 1.0)
    rake (0.9.2.2)
    redcarpet (2.2.2)
    ripl (0.7.0)
      bond (~> 0.4.2)
    rspec (2.11.0)
      rspec-core (~> 2.11.0)
      rspec-expectations (~> 2.11.0)
      rspec-mocks (~> 2.11.0)
    rspec-core (2.11.1)
    rspec-expectations (2.11.3)
      diff-lcs (~> 1.1.3)
    rspec-mocks (2.11.3)
    sass (3.2.2)
    simplecov (0.7.1)
      multi_json (~> 1.0)
      simplecov-html (~> 0.7.1)
    simplecov-html (0.7.1)
    sinatra (1.3.3)
      rack (~> 1.3, >= 1.3.6)
      rack-protection (~> 1.2)
      tilt (~> 1.3, >= 1.3.3)
    sinatra-contrib (1.3.2)
      backports (>= 2.0)
      eventmachine
      rack-protection
      rack-test
      sinatra (~> 1.3.0)
      tilt (~> 1.3)
    tilt (1.3.3)
    tzinfo (0.3.35)
    vcr (2.3.0)
    webmock (1.9.0)
      addressable (>= 2.2.7)
      crack (>= 0.1.7)
    yard (0.8.3)

PLATFORMS
  ruby

DEPENDENCIES
  bootstrap-sass
  bump
  coderay
  coderay_bash
  compass
  database_cleaner
  haml
  hashie!
  jruby-openssl
  mongoid
  multipart-post!
  rack-ssl-enforcer
  rake
  redcarpet
  ripl
  rspec
  simplecov
  sinatra
  sinatra-contrib
  vcr
  webmock
  yard
  zendesk_api!
